PATH
  remote: .
  specs:
    tealish (0.1.0)

GEM
  remote: https://rubygems.org/
  specs:
    artii (2.1.2)
    coderay (1.1.2)
    colorize (0.8.1)
    method_source (0.9.2)
    mini_portile2 (2.4.0)
    nokogiri (1.10.9)
      mini_portile2 (~> 2.4.0)
    pry (0.12.2)
      coderay (~> 1.1.0)
      method_source (~> 0.9.0)
    rake (13.0.1)

PLATFORMS
  ruby

DEPENDENCIES
  artii
  bundler (~> 2.0)
  colorize
  nokogiri
  pry
  rake (~> 13.0)
  tealish!

BUNDLED WITH
   2.1.4
